GEM
  remote: https://rubygems.org/
  specs:
    httmultiparty (0.3.16)
      httparty (>= 0.7.3)
      mimemagic
      multipart-post
    httparty (0.15.5)
      multi_xml (>= 0.5.2)
    mail (2.6.6)
      mime-types (>= 1.16, < 4)
    mime-types (3.1)
      mime-types-data (~> 3.2015)
    mime-types-data (3.2016.0521)
    mimemagic (0.3.2)
    multi_xml (0.6.0)
    multipart-post (2.0.0)
    mustermann (1.0.0)
    phaxio (0.5.0)
      httmultiparty
    pony (1.11)
      mail (>= 2.0)
    rack (2.0.3)
    rack-protection (2.0.0)
      rack
    sinatra (2.0.0)
      mustermann (~> 1.0)
      rack (~> 2.0)
      rack-protection (= 2.0.0)
      tilt (~> 2.0)
    tilt (2.0.7)

PLATFORMS
  ruby

DEPENDENCIES
  mail
  phaxio
  pony
  sinatra

RUBY VERSION
   ruby 2.3.3p222

BUNDLED WITH
   1.13.6
